PATH
  remote: .
  specs:
    pathfinder_common (0.0.2)
      actionpack (>= 2.3.14)

GEM
  remote: http://rubygems.org/
  specs:
    actionpack (2.3.14)
      activesupport (= 2.3.14)
      rack (~> 1.1.0)
    activesupport (2.3.14)
    ansi (1.4.3)
    builder (3.1.4)
    hashie (1.2.0)
    minitest (4.3.3)
    minitest-reporters (0.14.1)
      ansi
      builder
      minitest (>= 2.12, < 5.0)
      powerbar
    powerbar (1.0.11)
      ansi (~> 1.4.0)
      hashie (>= 1.1.0)
    rack (1.1.3)

PLATFORMS
  ruby

DEPENDENCIES
  minitest
  minitest-reporters
  pathfinder_common!
